NUGET
  remote: https://www.nuget.org/api/v2
  specs:
    Microsoft.AspNet.Mvc (5.2.3)
      Microsoft.AspNet.Razor (>= 3.2.3 < 3.3.0)
      Microsoft.AspNet.WebPages (>= 3.2.3 < 3.3.0)
    Microsoft.AspNet.Razor (3.2.3)
    Microsoft.AspNet.WebPages (3.2.3)
      Microsoft.AspNet.Razor (>= 3.2.3 < 3.3.0)
      Microsoft.Web.Infrastructure (>= 1.0.0.0)
    Microsoft.Web.Infrastructure (1.0.0)
    RazorGenerator.Mvc (2.3.12)
      Microsoft.AspNet.Mvc (>= 3.0.50813.1)
      WebActivatorEx (>= 2.0.3)
    WebActivatorEx (2.1.0)
      Microsoft.Web.Infrastructure (>= 1.0.0.0)
